GEM
  specs:
    rspec (1.3.0)

PLATFORMS
  ruby

DEPENDENCIES
  rspec
